{
  "TaskName": "intention-action congruency",
  "Manufacturer": "Compumedics Neuroscan",
  "PowerLineFrequency": 50,
  "SamplingFrequency": 1024.0,
  "SoftwareFilters": "n/a",
  "RecordingDuration": 403.6865234375,
  "RecordingType": "continuous",
  "EEGReference": "average",
  "EEGGround": "n/a",
  "EEGPlacementScheme": "based on the extended 10/20 system",
  "EEGChannelCount": 26,
  "EOGChannelCount": 0,
  "ECGChannelCount": 0,
  "EMGChannelCount": 0,
  "MiscChannelCount": 3,
  "TriggerChannelCount": 0,
  "TaskDescription": "Ball control with congruent/incongruent visual cue; 1 s pre-movement then execution.",
  "Instructions": "Move the hand to steer the ball to the target boundary as instructed by color cue.",
  "ManufacturersModelName": "Neuroscan 32-ch",
  "DeviceSerialNumber": "N/A",
  "HardwareFilters": "n/a",
  "SoftwareVersions": "n/a",
  "InstitutionName": "Yanshan University",
  "InstitutionAddress": "Qinhuangdao, Hebei, China",
  "InstitutionalDepartmentName": "School of Electrical Engineering",
  "CapManufacturer": "N/A",
  "CapManufacturersModelName": "N/A",
  "MISCChannelCount": 0,
  "SubjectArtefactDescription": "n/a",
  "StimulusPresentation": {
    "OperatingSystem": "Windows 10",
    "SoftwareName": "PsychoPy",
    "SoftwareVersion": "2024.1",
    "ScreenRefreshRate": 60
  }
}